GEM
  remote: https://www.rubygems.org/
  specs:
    base64 (0.3.0)
    dotenv (3.1.8)
    logger (1.7.0)
    mustermann (3.0.4)
      ruby2_keywords (~> 0.0.1)
    nio4r (2.7.4)
    puma (7.1.0)
      nio4r (~> 2.0)
    rack (3.2.3)
    rack-protection (4.2.1)
      base64 (>= 0.1.0)
      logger (>= 1.6.0)
      rack (>= 3.0.0, < 4)
    rack-session (2.1.1)
      base64 (>= 0.1.0)
      rack (>= 3.0.0)
    rackup (2.2.1)
      rack (>= 3)
    ruby2_keywords (0.0.5)
    sinatra (4.2.1)
      logger (>= 1.6.0)
      mustermann (~> 3.0)
      rack (>= 3.0.0, < 4)
      rack-protection (= 4.2.1)
      rack-session (>= 2.0.0, < 3)
      tilt (~> 2.0)
    sqlite3 (2.7.4-x64-mingw-ucrt)
    tilt (2.6.1)

PLATFORMS
  x64-mingw-ucrt

DEPENDENCIES
  dotenv
  puma
  rackup
  sinatra
  sqlite3

BUNDLED WITH
   2.5.11
